GIT
  remote: https://github.com/cf-buildpacks/base_packager.git
  revision: 317df6498ca202cea1ad4c00d114f99228675275
  ref: 317df64
  specs:
    base_packager (0.0.1)
      rubyzip

GEM
  remote: https://rubygems.org/
  specs:
    rubyzip (1.1.3)

PLATFORMS
  ruby

DEPENDENCIES
  base_packager!
